GEM
  remote: http://rubygems.org/
  specs:
    git (1.2.5)
    jeweler (1.5.1)
      bundler (~> 1.0.0)
      git (>= 1.2.5)
      rake
    patron (0.4.10)
    rake (0.8.7)
    rcov (0.9.9)
    shoulda (2.11.3)
    yajl-ruby (0.7.8)

PLATFORMS
  ruby

DEPENDENCIES
  bundler (~> 1.0.0)
  jeweler (~> 1.5.1)
  patron
  rcov
  shoulda
  yajl-ruby
